GEM
  remote: http://rubygems.org/
  specs:
    abstract (1.0.0)
    actionmailer (3.0.9)
      actionpack (= 3.0.9)
      mail (~> 2.2.19)
    actionpack (3.0.9)
      activemodel (= 3.0.9)
      activesupport (= 3.0.9)
      builder (~> 2.1.2)
      erubis (~> 2.6.6)
      i18n (~> 0.5.0)
      rack (~> 1.2.1)
      rack-mount (~> 0.6.14)
      rack-test (~> 0.5.7)
      tzinfo (~> 0.3.23)
    active_device (1.2.0)
    activemerchant (1.16.0)
      activesupport (>= 2.3.11)
      braintree (>= 2.0.0)
      builder (>= 2.0.0)
      json (>= 1.5.1)
    activemodel (3.0.9)
      activesupport (= 3.0.9)
      builder (~> 2.1.2)
      i18n (~> 0.5.0)
    activerecord (3.0.9)
      activemodel (= 3.0.9)
      activesupport (= 3.0.9)
      arel (~> 2.0.10)
      tzinfo (~> 0.3.23)
    activeresource (3.0.9)
      activemodel (= 3.0.9)
      activesupport (= 3.0.9)
    activesupport (3.0.9)
    acts_as_geocodable (2.0.2)
      graticule (>= 2.0.0)
    addressable (2.2.6)
    ancestry (1.2.4)
      activerecord (>= 2.2.2)
    arel (2.0.10)
    aws-s3 (0.6.2)
      builder
      mime-types
      xml-simple
    babosa (0.3.5)
    bcrypt-ruby (2.1.4)
    braintree (2.10.2)
      builder (>= 2.0.0)
    builder (2.1.2)
    cancan (1.6.5)
    cocaine (0.1.0)
    daemons (1.1.4)
    dalli (1.0.5)
    delocalize (0.2.6)
    devise (1.4.2)
      bcrypt-ruby (~> 2.1.2)
      orm_adapter (~> 0.0.3)
      warden (~> 1.0.3)
    devise_invitable (0.5.4)
      devise (~> 1.4.1)
      rails (>= 3.0.0, < 3.2)
    dynamic_form (1.1.4)
    email_preview (1.2.0)
      mail (>= 2.2.3)
    erubis (2.6.6)
      abstract (>= 1.0.0)
    eventmachine (0.12.10)
    faraday (0.6.1)
      addressable (~> 2.2.4)
      multipart-post (~> 1.1.0)
      rack (< 2, >= 1.1.0)
    friendly_id (3.2.1.1)
      babosa (~> 0.3.0)
    geocoder (1.0.2)
    graticule (2.0.1)
      activesupport
      happymapper (>= 0.3.0)
      i18n
      json
    happymapper (0.3.2)
      libxml-ruby (~> 1.1.3)
    home_run (1.0.3)
    hoptoad_notifier (2.4.11)
      activesupport
      builder
    i18n (0.5.0)
    jquery-rails (1.0.12)
      railties (~> 3.0)
      thor (~> 0.14)
    json (1.5.3)
    libxml-ruby (1.1.4)
    mail (2.2.19)
      activesupport (>= 2.3.6)
      i18n (>= 0.4.0)
      mime-types (~> 1.16)
      treetop (~> 1.4.8)
    meta_where (1.0.4)
      activerecord (~> 3.0.0)
      activesupport (~> 3.0.0)
      arel (~> 2.0.7)
    mime-types (1.16)
    moonshado-sms (1.1.0)
      rest-client (= 1.6.0)
      yajl-ruby (= 0.7.7)
    multi_json (1.0.3)
    multi_xml (0.2.2)
    multipart-post (1.1.3)
    nilify_blanks (1.0.0)
      activerecord (>= 3.0.0)
      activesupport (>= 3.0.0)
    oa-core (0.2.6)
    oa-oauth (0.2.6)
      faraday (~> 0.6.1)
      multi_json (~> 1.0.0)
      multi_xml (~> 0.2.2)
      oa-core (= 0.2.6)
      oauth (~> 0.4.0)
      oauth2 (~> 0.4.1)
    oauth (0.4.5)
    oauth2 (0.4.1)
      faraday (~> 0.6.1)
      multi_json (>= 0.0.5)
    orm_adapter (0.0.5)
    paperclip (2.3.16)
      activerecord (>= 2.3.0)
      activesupport (>= 2.3.2)
      cocaine (>= 0.0.2)
      mime-types
    pg (0.11.0)
    phone (1.1)
    polyglot (0.3.2)
    rack (1.2.3)
    rack-mount (0.6.14)
      rack (>= 1.0.0)
    rack-rewrite (1.0.2)
    rack-test (0.5.7)
      rack (>= 1.0)
    rails (3.0.9)
      actionmailer (= 3.0.9)
      actionpack (= 3.0.9)
      activerecord (= 3.0.9)
      activeresource (= 3.0.9)
      activesupport (= 3.0.9)
      bundler (~> 1.0)
      railties (= 3.0.9)
    railties (3.0.9)
      actionpack (= 3.0.9)
      activesupport (= 3.0.9)
      rake (>= 0.8.7)
      rdoc (~> 3.4)
      thor (~> 0.14.4)
    rake (0.9.2)
    rdoc (3.9.1)
    rest-client (1.6.0)
      mime-types (>= 1.16)
    silent-postgres (0.0.8)
    thin (1.2.11)
      daemons (>= 1.0.9)
      eventmachine (>= 0.12.6)
      rack (>= 1.0.0)
    thor (0.14.6)
    treetop (1.4.10)
      polyglot
      polyglot (>= 0.3.1)
    tzinfo (0.3.29)
    warden (1.0.5)
      rack (>= 1.0)
    xml-simple (1.1.0)
    yajl-ruby (0.7.7)

PLATFORMS
  ruby

DEPENDENCIES
  active_device
  activemerchant
  acts_as_geocodable
  ancestry
  aws-s3
  cancan
  dalli
  delocalize
  devise
  devise_invitable
  dynamic_form
  email_preview
  friendly_id
  geocoder
  home_run
  hoptoad_notifier
  jquery-rails
  meta_where
  moonshado-sms
  nilify_blanks
  oa-oauth
  oauth
  paperclip
  pg
  phone
  rack-rewrite
  rails (= 3.0.9)
  silent-postgres
  thin
  yajl-ruby
