GEM
  remote: http://rubygems.org/
  specs:
    abstract (1.0.0)
    actionmailer (3.0.10)
      actionpack (= 3.0.10)
      mail (~> 2.2.19)
    actionpack (3.0.10)
      activemodel (= 3.0.10)
      activesupport (= 3.0.10)
      builder (~> 2.1.2)
      erubis (~> 2.6.6)
      i18n (~> 0.5.0)
      rack (~> 1.2.1)
      rack-mount (~> 0.6.14)
      rack-test (~> 0.5.7)
      tzinfo (~> 0.3.23)
    active_device (1.2.0)
    active_utils (1.0.1)
      activesupport (>= 2.3.11)
      i18n
    activemerchant (1.18.1)
      active_utils (>= 1.0.1)
      activesupport (>= 2.3.11)
      braintree (>= 2.0.0)
      builder (>= 2.0.0)
      i18n
      json (>= 1.5.1)
      money
    activemodel (3.0.10)
      activesupport (= 3.0.10)
      builder (~> 2.1.2)
      i18n (~> 0.5.0)
    activerecord (3.0.10)
      activemodel (= 3.0.10)
      activesupport (= 3.0.10)
      arel (~> 2.0.10)
      tzinfo (~> 0.3.23)
    activeresource (3.0.10)
      activemodel (= 3.0.10)
      activesupport (= 3.0.10)
    activesupport (3.0.10)
    addressable (2.2.6)
    airbrake (3.0.4)
      activesupport
      builder
    ancestry (1.2.4)
      activerecord (>= 2.2.2)
    arel (2.0.10)
    aws-s3 (0.6.2)
      builder
      mime-types
      xml-simple
    babosa (0.3.5)
    bcrypt-ruby (3.0.1)
    braintree (2.12.0)
      builder (>= 2.0.0)
    builder (2.1.2)
    cancan (1.6.7)
    cocaine (0.2.0)
    daemons (1.1.4)
    dalli (1.1.3)
    delayed_job (2.1.4)
      activesupport (~> 3.0)
      daemons
    delocalize (0.3.0)
      rails (>= 3.0)
    devise (1.4.9)
      bcrypt-ruby (~> 3.0)
      orm_adapter (~> 0.0.3)
      warden (~> 1.0.3)
    devise_invitable (0.5.6)
      devise (~> 1.4.1)
      rails (>= 3.0.0, < 3.2)
    dynamic_form (1.1.4)
    email_preview (1.3.2)
      rails (>= 3.0)
    erubis (2.6.6)
      abstract (>= 1.0.0)
    eventmachine (0.12.10)
    faraday (0.7.5)
      addressable (~> 2.2.6)
      multipart-post (~> 1.1.3)
      rack (< 2, >= 1.1.0)
    fattr (2.2.0)
    friendly_id (3.3.0.1)
      babosa (~> 0.3.0)
    geocoder (1.0.5)
    heroku (2.11.0)
      launchy (>= 0.3.2)
      rest-client (~> 1.6.1)
      rubyzip
      term-ansicolor (~> 1.0.5)
    home_run (1.0.4)
    i18n (0.5.0)
    jquery-rails (1.0.16)
      railties (~> 3.0)
      thor (~> 0.14)
    json (1.6.1)
    launchy (2.0.5)
      addressable (~> 2.2.6)
    mail (2.2.19)
      activesupport (>= 2.3.6)
      i18n (>= 0.4.0)
      mime-types (~> 1.16)
      treetop (~> 1.4.8)
    meta_where (1.0.4)
      activerecord (~> 3.0.0)
      activesupport (~> 3.0.0)
      arel (~> 2.0.7)
    mime-types (1.17.2)
    money (3.7.1)
      i18n (~> 0.4)
    moonshado-sms (1.1.1)
      json (>= 1.2.0)
      rest-client (>= 1.6.0)
    multi_json (1.0.3)
    multi_xml (0.4.1)
    multipart-post (1.1.3)
    nilify_blanks (1.0.0)
      activerecord (>= 3.0.0)
      activesupport (>= 3.0.0)
    oa-core (0.3.2)
    oa-oauth (0.3.2)
      faraday (~> 0.7.3)
      multi_json (~> 1.0.0)
      multi_xml (~> 0.4.0)
      oa-core (= 0.3.2)
      oauth (~> 0.4.0)
      oauth2 (~> 0.5.0)
    oauth (0.4.5)
    oauth2 (0.5.1)
      faraday (~> 0.7.4)
      multi_json (~> 1.0.3)
    orm_adapter (0.0.5)
    paperclip (2.4.5)
      activerecord (>= 2.3.0)
      activesupport (>= 2.3.2)
      cocaine (>= 0.0.2)
      mime-types
    pg (0.11.0)
    phone (1.1)
    polyglot (0.3.2)
    rack (1.2.4)
    rack-mount (0.6.14)
      rack (>= 1.0.0)
    rack-rewrite (1.2.1)
    rack-test (0.5.7)
      rack (>= 1.0)
    rails (3.0.10)
      actionmailer (= 3.0.10)
      actionpack (= 3.0.10)
      activerecord (= 3.0.10)
      activeresource (= 3.0.10)
      activesupport (= 3.0.10)
      bundler (~> 1.0)
      railties (= 3.0.10)
    railties (3.0.10)
      actionpack (= 3.0.10)
      activesupport (= 3.0.10)
      rake (>= 0.8.7)
      rdoc (~> 3.4)
      thor (~> 0.14.4)
    rake (0.9.2.2)
    rapleaf_api (1.2.3.3)
      json
    rdoc (3.11)
      json (~> 1.4)
    rest-client (1.6.7)
      mime-types (>= 1.16)
    rubyzip (0.9.4)
    rush (0.6.7)
      session
    session (3.1.0)
      fattr
    silent-postgres (0.1.1)
    term-ansicolor (1.0.7)
    thin (1.2.11)
      daemons (>= 1.0.9)
      eventmachine (>= 0.12.6)
      rack (>= 1.0.0)
    thor (0.14.6)
    treetop (1.4.10)
      polyglot
      polyglot (>= 0.3.1)
    tzinfo (0.3.30)
    valium (0.4.0)
      activerecord (>= 3.0.2)
    warden (1.0.6)
      rack (>= 1.0)
    workless (0.2.0)
      delayed_job (~> 2.1.0)
      delayed_job (~> 2.1.0)
      heroku
      heroku
      rails (>= 3.0.0)
      rails (>= 3.0.0)
      rush (= 0.6.7)
      rush (= 0.6.7)
    wrest (1.4.7)
      activesupport (~> 3)
      builder (> 2.0)
      multi_json (~> 1.0)
    xml-simple (1.1.1)
    yajl-ruby (1.0.0)

PLATFORMS
  ruby

DEPENDENCIES
  active_device
  activemerchant
  airbrake
  ancestry
  aws-s3
  cancan
  dalli
  delayed_job
  delocalize
  devise
  devise_invitable
  dynamic_form
  email_preview
  friendly_id
  geocoder
  home_run
  jquery-rails
  meta_where
  moonshado-sms
  nilify_blanks
  oa-oauth
  oauth
  paperclip
  pg
  phone
  rack-rewrite
  rails (= 3.0.10)
  rapleaf_api
  silent-postgres
  thin
  valium
  workless
  wrest
  yajl-ruby
